GEM
  remote: https://rubygems.org/
  specs:
    addressable (2.5.2)
      public_suffix (>= 2.0.2, < 4.0)
    coderay (1.1.2)
    dotenv (2.2.1)
    faraday (0.13.1)
      multipart-post (>= 1.2, < 3)
    method_source (0.8.2)
    multipart-post (2.0.0)
    octokit (4.7.0)
      sawyer (~> 0.8.0, >= 0.5.3)
    pry (0.10.4)
      coderay (~> 1.1.0)
      method_source (~> 0.8.1)
      slop (~> 3.4)
    public_suffix (3.0.0)
    sawyer (0.8.1)
      addressable (>= 2.3.5, < 2.6)
      faraday (~> 0.8, < 1.0)
    slop (3.6.0)

PLATFORMS
  ruby

DEPENDENCIES
  dotenv
  octokit
  pry

RUBY VERSION
   ruby 2.3.1p112

BUNDLED WITH
   1.16.0.pre.2
